PATH
  remote: BCDice
  specs:
    bcdice (3.11.0)
      i18n (~> 1.8.5)

GEM
  remote: https://rubygems.org/
  specs:
    ast (2.4.2)
    concurrent-ruby (1.2.2)
    docile (1.4.0)
    i18n (1.8.11)
      concurrent-ruby (~> 1.0)
    json (2.6.3)
    opal (1.7.1)
      ast (>= 2.3.0)
      parser (~> 3.0, >= 3.0.3.2)
    parallel (1.22.1)
    parser (3.1.3.0)
      ast (~> 2.4.1)
    power_assert (2.0.1)
    racc (1.6.2)
    rainbow (3.1.1)
    rake (13.0.6)
    regexp_parser (2.7.0)
    rexml (3.2.5)
    rubocop (1.39.0)
      json (~> 2.3)
      parallel (~> 1.10)
      parser (>= 3.1.2.1)
      rainbow (>= 2.2.2, < 4.0)
      regexp_parser (>= 1.8, < 3.0)
      rexml (>= 3.2.5, < 4.0)
      rubocop-ast (>= 1.23.0, < 2.0)
      ruby-progressbar (~> 1.7)
      unicode-display_width (>= 1.4.0, < 3.0)
    rubocop-ast (1.24.1)
      parser (>= 3.1.1.0)
    ruby-progressbar (1.11.0)
    simplecov (0.21.2)
      docile (~> 1.1)
      simplecov-html (~> 0.11)
      simplecov_json_formatter (~> 0.1)
    simplecov-cobertura (2.1.0)
      rexml
      simplecov (~> 0.19)
    simplecov-html (0.12.3)
    simplecov_json_formatter (0.1.4)
    test-unit (3.3.9)
      power_assert
    tomlrb (2.0.3)
    unicode-display_width (2.4.2)
    webrick (1.7.0)
    yard (0.9.27)
      webrick (~> 1.7.0)

PLATFORMS
  ruby
  x64-mingw32

DEPENDENCIES
  bcdice!
  opal (>= 1.7.1)
  racc (~> 1.6.2)
  rake (~> 13.0.3)
  rubocop (~> 1.39.0)
  simplecov (~> 0.21.2)
  simplecov-cobertura (~> 2.1.0)
  test-unit (~> 3.3.7)
  tomlrb (~> 2.0.3)
  yard

BUNDLED WITH
   2.1.4
